GEM
  remote: https://rubygems.org/
  specs:
    base64 (0.2.0)
    byebug (11.1.3)
    coderay (1.1.3)
    colorize (1.1.0)
    engtagger (0.4.0)
      lru_redux
    forwardable (1.3.3)
    logger (1.5.3)
    lru_redux (1.1.0)
    method_source (1.0.0)
    modular_inverse (1.0.0)
      engtagger
    openssl (3.2.0)
    prime (0.1.2)
      forwardable
      singleton
    pry (0.14.2)
      coderay (~> 1.1)
      method_source (~> 1.0)
    singleton (0.1.1)

PLATFORMS
  x86_64-linux

DEPENDENCIES
  base64
  byebug
  colorize
  logger
  modular_inverse
  openssl
  prime
  pry

BUNDLED WITH
   2.4.14
